GEM
  remote: https://rubygems.org/
  specs:
    daemons (1.2.6)
    eventmachine (1.2.7)
    ffi (1.9.25)
    font-awesome-sass (5.5.0)
      sassc (>= 1.11)
    haml (5.0.4)
      temple (>= 0.8.0)
      tilt
    mustermann (1.0.3)
    rack (2.0.6)
    rack-protection (2.0.4)
      rack
    rake (12.3.1)
    sassc (2.0.0)
      ffi (~> 1.9.6)
      rake
    sinatra (2.0.4)
      mustermann (~> 1.0)
      rack (~> 2.0)
      rack-protection (= 2.0.4)
      tilt (~> 2.0)
    temple (0.8.0)
    thin (1.7.2)
      daemons (~> 1.0, >= 1.0.9)
      eventmachine (~> 1.0, >= 1.0.4)
      rack (>= 1, < 3)
    tilt (2.0.8)

PLATFORMS
  ruby

DEPENDENCIES
  font-awesome-sass
  haml
  sinatra
  thin

BUNDLED WITH
   1.16.1
